GIT
  remote: git://github.com/kendagriff/ruby-openid.git
  revision: 79beaa419d4754e787757f2545331509419e222e
  ref: 79beaa419d4754e787757f2545331509419e222e
  specs:
    ruby-openid (2.2.3)

GIT
  remote: https://github.com/ruvr/omniauth-saml.git
  revision: 99bf963ba4201ed89276c07ec32ee34fecb3df1f
  specs:
    omniauth-saml (1.0.0)
      omniauth (~> 1.1)
      ruby-saml (~> 0.6)

GEM
  remote: https://rubygems.org/
  specs:
    Ascii85 (1.0.2)
    actionmailer (3.2.11)
      actionpack (= 3.2.11)
      mail (~> 2.4.4)
    actionpack (3.2.11)
      activemodel (= 3.2.11)
      activesupport (= 3.2.11)
      builder (~> 3.0.0)
      erubis (~> 2.7.0)
      journey (~> 1.0.4)
      rack (~> 1.4.0)
      rack-cache (~> 1.2)
      rack-test (~> 0.6.1)
      sprockets (~> 2.2.1)
    activemodel (3.2.11)
      activesupport (= 3.2.11)
      builder (~> 3.0.0)
    activerecord (3.2.11)
      activemodel (= 3.2.11)
      activesupport (= 3.2.11)
      arel (~> 3.0.2)
      tzinfo (~> 0.3.29)
    activeresource (3.2.11)
      activemodel (= 3.2.11)
      activesupport (= 3.2.11)
    activesupport (3.2.11)
      i18n (~> 0.6)
      multi_json (~> 1.0)
    acts_as_paranoid (0.4.2)
      activerecord (~> 3.2)
    afm (0.2.0)
    arel (3.0.2)
    bcrypt-ruby (3.0.1)
    builder (3.0.4)
    canonix (0.1.1)
    coffee-rails (3.2.2)
      coffee-script (>= 2.2.0)
      railties (~> 3.2.0)
    coffee-script (2.2.0)
      coffee-script-source
      execjs
    coffee-script-source (1.6.2)
    dalli (2.6.4)
    devise (2.2.4)
      bcrypt-ruby (~> 3.0)
      orm_adapter (~> 0.1)
      railties (~> 3.1)
      warden (~> 1.2.1)
    devise_ldap_authenticatable (0.6.1)
      devise (>= 2.0.0)
      net-ldap (~> 0.2.2)
    diff-lcs (1.2.4)
    erubis (2.7.0)
    execjs (1.4.0)
      multi_json (~> 1.0)
    factory_girl (4.2.0)
      activesupport (>= 3.0.0)
    factory_girl_rails (4.2.1)
      factory_girl (~> 4.2.0)
      railties (>= 3.0.0)
    faraday (0.8.7)
      multipart-post (~> 1.1)
    hashery (2.1.0)
    hashie (2.0.5)
    hike (1.2.3)
    httpauth (0.2.0)
    i18n (0.6.4)
    iconv (1.0.2)
    journey (1.0.4)
    jpmobile (4.0.0)
    jquery-rails (3.0.1)
      railties (>= 3.0, < 5.0)
      thor (>= 0.14, < 2.0)
    json (1.8.0)
    jwt (0.1.8)
      multi_json (>= 1.5)
    kgio (2.8.0)
    libv8 (3.11.8.17)
    macaddr (1.6.1)
      systemu (~> 2.5.0)
    mail (2.4.4)
      i18n (>= 0.4.0)
      mime-types (~> 1.16)
      treetop (~> 1.4.8)
    meta_search (1.1.3)
      actionpack (~> 3.1)
      activerecord (~> 3.1)
      activesupport (~> 3.1)
      polyamorous (~> 0.5.0)
    mime-types (1.23)
    mini_portile (0.5.0)
    mono_logger (1.1.0)
    multi_json (1.7.7)
    multipart-post (1.2.0)
    net-ldap (0.2.2)
    nokogiri (1.6.0)
      mini_portile (~> 0.5.0)
    oauth (0.4.7)
    oauth2 (0.8.1)
      faraday (~> 0.8)
      httpauth (~> 0.1)
      jwt (~> 0.1.4)
      multi_json (~> 1.0)
      rack (~> 1.2)
    omniauth (1.1.4)
      hashie (>= 1.2, < 3)
      rack
    omniauth-facebook (1.4.1)
      omniauth-oauth2 (~> 1.1.0)
    omniauth-ldap (1.0.3)
      net-ldap (~> 0.2.2)
      omniauth (~> 1.0)
      pyu-ruby-sasl (~> 0.0.3.1)
      rubyntlm (~> 0.1.1)
    omniauth-oauth (1.0.1)
      oauth
      omniauth (~> 1.0)
    omniauth-oauth2 (1.1.1)
      oauth2 (~> 0.8.0)
      omniauth (~> 1.0)
    omniauth-openid (1.0.1)
      omniauth (~> 1.0)
      rack-openid (~> 1.3.1)
    omniauth-twitter (1.0.0)
      multi_json (~> 1.3)
      omniauth-oauth (~> 1.0)
    orm_adapter (0.4.0)
    pdf-reader (1.3.3)
      Ascii85 (~> 1.0.0)
      afm (~> 0.2.0)
      hashery (~> 2.0)
      ruby-rc4
      ttfunk
    pg (0.15.1)
    pg_power (1.6.0)
      pg
      rails (~> 3.1)
      rspec-rails
    polyamorous (0.5.0)
      activerecord (~> 3.0)
    polyglot (0.3.3)
    prawn (0.12.0)
      pdf-reader (>= 0.9.0)
      ttfunk (~> 1.0.2)
    pyu-ruby-sasl (0.0.3.3)
    rack (1.4.5)
    rack-cache (1.2)
      rack (>= 0.4)
    rack-openid (1.3.1)
      rack (>= 1.1.0)
      ruby-openid (>= 2.1.8)
    rack-protection (1.5.0)
      rack
    rack-ssl (1.3.3)
      rack
    rack-test (0.6.2)
      rack (>= 1.0)
    rails (3.2.11)
      actionmailer (= 3.2.11)
      actionpack (= 3.2.11)
      activerecord (= 3.2.11)
      activeresource (= 3.2.11)
      activesupport (= 3.2.11)
      bundler (~> 1.0)
      railties (= 3.2.11)
    railties (3.2.11)
      actionpack (= 3.2.11)
      activesupport (= 3.2.11)
      rack-ssl (~> 1.3.2)
      rake (>= 0.8.7)
      rdoc (~> 3.4)
      thor (>= 0.14.6, < 2.0)
    raindrops (0.11.0)
    rake (10.0.4)
    rdoc (3.12.2)
      json (~> 1.4)
    redis (3.0.4)
    redis-namespace (1.3.0)
      redis (~> 3.0.0)
    ref (1.0.5)
    resque (1.24.1)
      mono_logger (~> 1.0)
      multi_json (~> 1.0)
      redis-namespace (~> 1.2)
      sinatra (>= 0.9.2)
      vegas (~> 0.1.2)
    resque_spec (0.13.0)
      resque (>= 1.19.0)
      rspec (>= 2.5.0)
    rspec (2.13.0)
      rspec-core (~> 2.13.0)
      rspec-expectations (~> 2.13.0)
      rspec-mocks (~> 2.13.0)
    rspec-core (2.13.1)
    rspec-expectations (2.13.0)
      diff-lcs (>= 1.1.3, < 2.0)
    rspec-mocks (2.13.1)
    rspec-rails (2.13.2)
      actionpack (>= 3.0)
      activesupport (>= 3.0)
      railties (>= 3.0)
      rspec-core (~> 2.13.0)
      rspec-expectations (~> 2.13.0)
      rspec-mocks (~> 2.13.0)
    ruby-rc4 (0.1.5)
    ruby-saml (0.7.2)
      canonix (= 0.1.1)
      nokogiri
      uuid (~> 2.3)
    rubyntlm (0.1.1)
    sass (3.2.9)
    sass-rails (3.2.6)
      railties (~> 3.2.0)
      sass (>= 3.1.10)
      tilt (~> 1.3)
    sinatra (1.4.3)
      rack (~> 1.4)
      rack-protection (~> 1.4)
      tilt (~> 1.3, >= 1.3.4)
    sprockets (2.2.2)
      hike (~> 1.2)
      multi_json (~> 1.0)
      rack (~> 1.0)
      tilt (~> 1.1, != 1.3.0)
    systemu (2.5.2)
    tabs_on_rails (2.2.0)
    therubyracer (0.11.4)
      libv8 (~> 3.11.8.12)
      ref
    thinreports (0.7.6)
      prawn (>= 0.12.0, <= 0.12.0)
    thor (0.18.1)
    tilt (1.4.1)
    treetop (1.4.14)
      polyglot
      polyglot (>= 0.3.1)
    ttfunk (1.0.3)
    tzinfo (0.3.37)
    uglifier (2.1.1)
      execjs (>= 0.3.0)
      multi_json (~> 1.0, >= 1.0.2)
    unicorn (4.6.3)
      kgio (~> 2.6)
      rack
      raindrops (~> 0.7)
    uuid (2.3.7)
      macaddr (~> 1.0)
    vegas (0.1.11)
      rack (>= 1.0.0)
    warden (1.2.1)
      rack (>= 1.0)
    will_paginate (3.0.4)
    zipruby (0.3.6)

PLATFORMS
  ruby

DEPENDENCIES
  acts_as_paranoid (= 0.4.2)
  coffee-rails (~> 3.2.1)
  dalli (= 2.6.4)
  devise (= 2.2.4)
  devise_ldap_authenticatable (= 0.6.1)
  factory_girl_rails (= 4.2.1)
  iconv (= 1.0.2)
  jpmobile (= 4.0.0)
  jquery-rails (= 3.0.1)
  meta_search (= 1.1.3)
  omniauth (= 1.1.4)
  omniauth-facebook (= 1.4.1)
  omniauth-ldap (= 1.0.3)
  omniauth-oauth (= 1.0.1)
  omniauth-oauth2 (= 1.1.1)
  omniauth-openid (= 1.0.1)
  omniauth-saml (= 1.0.0)!
  omniauth-twitter (= 1.0.0)
  pg (= 0.15.1)
  pg_power (= 1.6.0)
  rails (= 3.2.11)
  rake (= 10.0.4)
  resque (= 1.24.1)
  resque_spec (= 0.13.0)
  rspec (= 2.13.0)
  ruby-openid (= 2.2.3)!
  sass-rails (~> 3.2.3)
  tabs_on_rails (= 2.2.0)
  therubyracer (= 0.11.4)
  thinreports (= 0.7.6)
  uglifier (>= 1.0.3)
  unicorn (= 4.6.3)
  will_paginate (= 3.0.4)
  zipruby (= 0.3.6)
